GIT
  remote: https://github.com/openaustralia/scraperwiki-ruby.git
  revision: fc50176812505e463077d5c673d504a6a234aa78
  branch: morph_defaults
  specs:
    scraperwiki (3.0.1)
      httpclient
      sqlite_magic

GEM
  remote: https://rubygems.org/
  specs:
    dropbox-sdk (1.6.5)
      json
    httpclient (2.6.0.1)
    json (2.0.1)
    mini_portile2 (2.1.0)
    nokogiri (1.6.8)
      mini_portile2 (~> 2.1.0)
      pkg-config (~> 1.1.7)
    pkg-config (1.1.7)
    roo (2.4.0)
      nokogiri (~> 1)
      rubyzip (~> 1.1, < 2.0.0)
    roo-xls (1.0.0)
      nokogiri
      roo (>= 2.0.0beta1, < 3)
      spreadsheet (> 0.9.0)
    ruby-ole (1.2.12)
    rubyzip (1.2.0)
    spreadsheet (1.1.2)
      ruby-ole (>= 1.0)
    sqlite3 (1.3.10)
    sqlite_magic (0.0.3)
      sqlite3

PLATFORMS
  ruby

DEPENDENCIES
  dropbox-sdk
  roo
  roo-xls
  scraperwiki!

BUNDLED WITH
   1.10.6
